FRAMEWORK: >= NET45
NUGET
  remote: http://api.nuget.org/v3/index.json
  specs:
    Antlr (3.5.0.2)
    EntityFramework (6.1.3)
    jQuery (2.1.4)
    jQuery.UI.Combined (1.8.24)
      jQuery (>= 1.4.4)
    jQuery.Validation (1.14.0)
      jQuery (>= 1.4.4)
    knockoutjs (2.2.0)
    log4net (2.0.5)
    Microsoft.Bcl (1.1.10)
      Microsoft.Bcl.Build (>= 1.0.14)
    Microsoft.Bcl.Build (1.0.21) - import_targets: false
    Microsoft.Net.Http (2.2.29)
      Microsoft.Bcl (>= 1.1.10)
      Microsoft.Bcl.Build (>= 1.0.14)
    NServiceBus (4.7.11)
      NServiceBus.Interfaces (>= 4.7.11 < 5.0.0)
    NServiceBus.CastleWindsor (4.7.11)
      Castle.Windsor (>= 3.2.1 < 4.0.0)
      NServiceBus (>= 4.7.11 < 5.0.0)
    NServiceBus.Host (4.7.11)
      NServiceBus (>= 4.7.11 < 5.0.0)
    NServiceBus.Interfaces (4.7.11)
    NServiceBus.NHibernate (4.5.5)
      Iesi.Collections (>= 3.3.3.4000 < 4.0.0)
      NHibernate (>= 3.3.3.4001 < 4.0.0)
      NServiceBus (>= 4.4.8 < 5.0.0)
      NServiceBus.Interfaces (>= 4.4.8 < 5.0.0)
    Nuget.CommandLine (3.3.0)
    WebGrease (1.6.0)
      Antlr (>= 3.4.1.9004)
      Newtonsoft.Json (>= 5.0.4)
  remote: C:\Manpower\NuGetFeed
  specs:
    Castle.Core (3.3.3)
    Castle.Windsor (3.3.0)
      Castle.Core (>= 3.3.0)
    CommonServiceLocator (1.3)
    Composable.Contracts (0.8.2)
    Composable.Core (3.3.0)
    Composable.CQRS (3.3.0)
      Castle.Windsor (>= 3.3.0)
      Composable.Core (>= 3.3.0)
      Composable.DomainEvents (>= 3.3.0)
      log4net (>= 2.0.3)
      Newtonsoft.Json (>= 5.0.8 < 7.0)
      NServiceBus.Interfaces (>= 1.0 < 5.0)
    Composable.CQRS.ServiceBus.NServiceBus (3.3.0)
      Composable.CQRS (>= 3.3.0)
      log4net (>= 2.0.3)
      NServiceBus.CastleWindsor (>= 1.0 < 5.0)
      NServiceBus.Host (>= 1.0 < 5.0)
      NServiceBus.NHibernate (>= 1.0 < 5.0)
    Composable.CQRS.Windsor (3.3.0)
      Composable.CQRS (>= 3.3.0)
      Composable.Windsor (>= 3.3.0)
    Composable.DomainEvents (3.3.0)
      Composable.Core (>= 3.3.0)
      NServiceBus.Interfaces (>= 1.0 < 5.0)
    Composable.Windsor (3.3.0)
      Castle.Windsor (>= 3.3.0)
      Composable.Core (>= 3.3.0)
    FluentAssertions (4.0.0)
    Iesi.Collections (3.4.1.4000)
    Microsoft.AspNet.Mvc (5.2.3)
      Microsoft.AspNet.Razor (>= 3.2.3 < 3.3.0)
      Microsoft.AspNet.WebPages (>= 3.2.3 < 3.3.0)
    Microsoft.AspNet.Providers.Core (2.0.0)
      EntityFramework (>= 6.0.0)
    Microsoft.AspNet.Providers.LocalDB (2.0.0)
      Microsoft.AspNet.Providers.Core (>= 2.0.0)
    Microsoft.AspNet.Razor (3.2.3)
    Microsoft.AspNet.Web.Optimization (1.1.3)
      Microsoft.Web.Infrastructure (>= 1.0.0)
      WebGrease (>= 1.5.2)
    Microsoft.AspNet.WebApi (5.2.3)
      Microsoft.AspNet.WebApi.WebHost (>= 5.2.3 < 5.3.0)
    Microsoft.AspNet.WebApi.Client (5.2.3)
      Microsoft.Net.Http (>= 2.2.22)
      Newtonsoft.Json (>= 6.0.4)
    Microsoft.AspNet.WebApi.Core (5.2.3)
      Microsoft.AspNet.WebApi.Client (>= 5.2.3)
    Microsoft.AspNet.WebApi.WebHost (5.2.3)
      Microsoft.AspNet.WebApi.Core (>= 5.2.3 < 5.3.0)
    Microsoft.AspNet.WebPages (3.2.3)
      Microsoft.AspNet.Razor (>= 3.2.3 < 3.3.0)
      Microsoft.Web.Infrastructure (>= 1.0.0.0)
    Microsoft.jQuery.Unobtrusive.Ajax (2.0.30506.0)
      jQuery (>= 1.4.4)
    Microsoft.jQuery.Unobtrusive.Validation (2.0.30506.0)
      jQuery.Validation (>= 1.8)
    Microsoft.Web.Infrastructure (1.0.0.0)
    Modernizr (2.6.2)
    Moq (4.2.1507.0118)
    NCrunch.Framework (2.16.0.13)
    Newtonsoft.Json (6.0.8)
    NHibernate (3.4.1.4000)
      Iesi.Collections (>= 3.2 < 4.0)
    nspec (1.0.1)
    NSpec.NUnit (0.8.0)
      nspec (>= 1.0.1)
      NUnit (>= 2.6.4)
    NUnit (2.6.4)
    Rx-Core (2.2.5)
      Rx-Interfaces (>= 2.2.5)
    Rx-Interfaces (2.2.5)
    Rx-Linq (2.2.5)
      Rx-Core (>= 2.2.5)
      Rx-Interfaces (>= 2.2.5)
